GEM
  remote: https://rubygems.org/
  specs:
    cgi (0.3.1)
    coderay (1.1.3)
    erb (2.2.3)
      cgi
    json (2.6.1)
    method_source (1.0.0)
    pry (0.14.1)
      coderay (~> 1.1)
      method_source (~> 1.0)
    rack (2.2.3)
    webrick (1.7.0)

PLATFORMS
  ruby
  x86_64-linux

DEPENDENCIES
  erb
  json
  pry
  rack
  webrick

BUNDLED WITH
   2.2.33
